GEM
  remote: https://rubygems.org/
  specs:
    concurrent-ruby (1.3.4)
    dry-auto_inject (1.0.1)
      dry-core (~> 1.0)
      zeitwerk (~> 2.6)
    dry-configurable (1.2.0)
      dry-core (~> 1.0, < 2)
      zeitwerk (~> 2.6)
    dry-core (1.0.2)
      concurrent-ruby (~> 1.0)
      logger
      zeitwerk (~> 2.6)
    dry-inflector (1.1.0)
    dry-system (1.1.1)
      dry-auto_inject (~> 1.0)
      dry-configurable (~> 1.0)
      dry-core (~> 1.0)
      dry-inflector (~> 1.0)
    logger (1.6.3)
    rexml (3.4.0)
    rss (0.3.0)
      rexml
    zeitwerk (2.7.1)

PLATFORMS
  arm64-darwin-23
  ruby

DEPENDENCIES
  dry-system
  rss

BUNDLED WITH
   2.5.23
